STORAGE: NONE
RESTRICTION: == net9.0
NUGET
  remote: https://api.nuget.org/v3/index.json
    BlackFox.VsWhere (1.1)
      FSharp.Core (>= 4.2.3)
      Microsoft.Win32.Registry (>= 4.7)
    Expecto (10.2.3)
      FSharp.Core (>= 7.0.200)
      Mono.Cecil (>= 0.11.4 < 1.0)
    Fable.AST (4.6)
    Fable.Browser.Blob (1.4)
      Fable.Core (>= 3.2.8)
      FSharp.Core (>= 4.7.2)
    Fable.Browser.Dom (2.20)
      Fable.Browser.Blob (>= 1.4)
      Fable.Browser.Event (>= 1.7)
      Fable.Browser.WebStorage (>= 1.3)
      Fable.Core (>= 3.2.8)
      FSharp.Core (>= 4.7.2)
    Fable.Browser.Event (1.7)
      Fable.Browser.Gamepad (>= 1.3)
      Fable.Core (>= 3.2.8)
      FSharp.Core (>= 4.7.2)
    Fable.Browser.Gamepad (1.3)
      Fable.Core (>= 3.2.8)
      FSharp.Core (>= 4.7.2)
    Fable.Browser.WebStorage (1.3)
      Fable.Browser.Event (>= 1.6)
      Fable.Core (>= 3.2.8)
      FSharp.Core (>= 4.7.2)
    Fable.Browser.XMLHttpRequest (1.4)
      Fable.Browser.Blob (>= 1.4)
      Fable.Browser.Event (>= 1.6)
      Fable.Core (>= 3.2.8)
      FSharp.Core (>= 4.7.2)
    Fable.Core (4.5)
    Fable.Elmish (5.0.2)
      Fable.Core (>= 4.0)
      FSharp.Core (>= 4.7.2)
    Fable.Elmish.HMR (8.0)
      Fable.Core (>= 4.5)
      Fable.Elmish.React (>= 5.0)
      FSharp.Core (>= 4.7.2)
    Fable.Elmish.React (5.0)
      Fable.Elmish (>= 5.0)
      Fable.ReactDom.Types (>= 18.2)
      FSharp.Core (>= 4.7.2)
    Fable.Mocha (2.17)
      Fable.Core (>= 3.0)
      FSharp.Core (>= 4.7)
    Fable.Parsimmon (4.1)
      Fable.Core (>= 3.0)
      FSharp.Core (>= 4.6.2)
    Fable.React.Types (18.4)
      Fable.Browser.Dom (>= 2.4.4)
      Fable.Core (>= 3.2.7)
      FSharp.Core (>= 4.7.2)
    Fable.ReactDom.Types (18.2)
      Fable.React.Types (>= 18.3)
      FSharp.Core (>= 4.7.2)
    Fable.Remoting.Client (7.35)
      Fable.Browser.XMLHttpRequest (>= 1.0)
      Fable.Core (>= 3.1.5)
      Fable.Remoting.MsgPack (>= 1.25)
      Fable.SimpleJson (>= 3.24)
      FSharp.Core (>= 4.7.2)
    Fable.Remoting.MsgPack (1.25)
      FSharp.Core (>= 4.7.2)
    Fable.SimpleJson (3.24)
      Fable.Core (>= 3.1.5)
      Fable.Parsimmon (>= 4.0)
      FSharp.Core (>= 4.7)
    Fake.Core.CommandLineParsing (6.1.3)
      FParsec (>= 1.1.1)
      FSharp.Core (>= 8.0.301)
    Fake.Core.Context (6.1.3)
      FSharp.Core (>= 8.0.301)
    Fake.Core.Environment (6.1.3)
      FSharp.Core (>= 8.0.301)
    Fake.Core.FakeVar (6.1.3)
      Fake.Core.Context (>= 6.1.3)
      FSharp.Core (>= 8.0.301)
    Fake.Core.Process (6.1.3)
      Fake.Core.Environment (>= 6.1.3)
      Fake.Core.FakeVar (>= 6.1.3)
      Fake.Core.String (>= 6.1.3)
      Fake.Core.Trace (>= 6.1.3)
      Fake.IO.FileSystem (>= 6.1.3)
      FSharp.Core (>= 8.0.301)
      System.Collections.Immutable (>= 8.0)
    Fake.Core.ReleaseNotes (6.1.3)
      Fake.Core.SemVer (>= 6.1.3)
      Fake.Core.String (>= 6.1.3)
      FSharp.Core (>= 8.0.301)
    Fake.Core.SemVer (6.1.3)
      FSharp.Core (>= 8.0.301)
    Fake.Core.String (6.1.3)
      FSharp.Core (>= 8.0.301)
    Fake.Core.Target (6.1.3)
      Fake.Core.CommandLineParsing (>= 6.1.3)
      Fake.Core.Context (>= 6.1.3)
      Fake.Core.Environment (>= 6.1.3)
      Fake.Core.FakeVar (>= 6.1.3)
      Fake.Core.Process (>= 6.1.3)
      Fake.Core.String (>= 6.1.3)
      Fake.Core.Trace (>= 6.1.3)
      FSharp.Control.Reactive (>= 5.0.2)
      FSharp.Core (>= 8.0.301)
    Fake.Core.Tasks (6.1.3)
      Fake.Core.Trace (>= 6.1.3)
      FSharp.Core (>= 8.0.301)
    Fake.Core.Trace (6.1.3)
      Fake.Core.Environment (>= 6.1.3)
      Fake.Core.FakeVar (>= 6.1.3)
      FSharp.Core (>= 8.0.301)
    Fake.Core.UserInput (6.1.3)
      FSharp.Core (>= 8.0.301)
    Fake.Core.Xml (6.1.3)
      Fake.Core.String (>= 6.1.3)
      FSharp.Core (>= 8.0.301)
    Fake.DotNet.Cli (6.1.3)
      Fake.Core.Environment (>= 6.1.3)
      Fake.Core.Process (>= 6.1.3)
      Fake.Core.String (>= 6.1.3)
      Fake.Core.Trace (>= 6.1.3)
      Fake.DotNet.MSBuild (>= 6.1.3)
      Fake.DotNet.NuGet (>= 6.1.3)
      Fake.IO.FileSystem (>= 6.1.3)
      FSharp.Core (>= 8.0.301)
      Mono.Posix.NETStandard (>= 1.0)
      Newtonsoft.Json (>= 13.0.3)
    Fake.DotNet.MSBuild (6.1.3)
      BlackFox.VsWhere (>= 1.1)
      Fake.Core.Environment (>= 6.1.3)
      Fake.Core.Process (>= 6.1.3)
      Fake.Core.String (>= 6.1.3)
      Fake.Core.Trace (>= 6.1.3)
      Fake.IO.FileSystem (>= 6.1.3)
      FSharp.Core (>= 8.0.301)
      MSBuild.StructuredLogger (>= 2.1.815)
    Fake.DotNet.NuGet (6.1.3)
      Fake.Core.Environment (>= 6.1.3)
      Fake.Core.Process (>= 6.1.3)
      Fake.Core.SemVer (>= 6.1.3)
      Fake.Core.String (>= 6.1.3)
      Fake.Core.Tasks (>= 6.1.3)
      Fake.Core.Trace (>= 6.1.3)
      Fake.Core.Xml (>= 6.1.3)
      Fake.IO.FileSystem (>= 6.1.3)
      Fake.Net.Http (>= 6.1.3)
      FSharp.Core (>= 8.0.301)
      Newtonsoft.Json (>= 13.0.3)
      NuGet.Protocol (>= 6.10.1)
    Fake.IO.FileSystem (6.1.3)
      Fake.Core.String (>= 6.1.3)
      Fake.Core.Trace (>= 6.1.3)
      FSharp.Core (>= 8.0.301)
    Fake.Net.Http (6.1.3)
      Fake.Core.Trace (>= 6.1.3)
      FSharp.Core (>= 8.0.301)
    Fake.Tools.Git (6.1.3)
      Fake.Core.Environment (>= 6.1.3)
      Fake.Core.Process (>= 6.1.3)
      Fake.Core.SemVer (>= 6.1.3)
      Fake.Core.String (>= 6.1.3)
      Fake.Core.Trace (>= 6.1.3)
      Fake.IO.FileSystem (>= 6.1.3)
      FSharp.Core (>= 8.0.301)
    Feliz (2.9)
      Fable.ReactDom.Types (>= 18.2)
      Feliz.CompilerPlugins (>= 2.2)
      FSharp.Core (>= 4.7.2)
    Feliz.Bulma (3.0)
      Feliz (>= 2.4)
      FSharp.Core (>= 4.7.2)
    Feliz.ChartJS (1.1)
      Feliz (>= 2.9)
    Feliz.CompilerPlugins (2.2)
      Fable.AST (>= 4.2.1)
      FSharp.Core (>= 4.7.2)
    Feliz.DaisyUI (5.2)
      Feliz (>= 2.9)
      FSharp.Core (>= 4.7.2)
    Feliz.Markdown (2.4)
      Feliz (>= 2.4)
      FSharp.Core (>= 4.7.2)
    Feliz.Router (4.0)
      Fable.Elmish (>= 4.0)
      Feliz (>= 2.3)
      FSharp.Core (>= 4.7.2)
    Feliz.UseElmish (2.5)
      Fable.Elmish (>= 4.0)
      FSharp.Core (>= 4.7.2)
    FParsec (1.1.1)
      FSharp.Core (>= 4.3.4)
    FSharp.Control.Reactive (6.1.2)
      FSharp.Core (>= 6.0.7)
      System.Reactive (>= 6.0.1)
    FSharp.Core (9.0.303)
    Microsoft.Build.Framework (17.14.8)
    Microsoft.Build.Utilities.Core (17.14.8)
      Microsoft.Build.Framework (>= 17.14.8)
      Microsoft.NET.StringTools (>= 17.14.8)
      System.Collections.Immutable (>= 9.0)
      System.Configuration.ConfigurationManager (>= 9.0)
      System.Diagnostics.EventLog (>= 9.0)
      System.Security.Cryptography.ProtectedData (>= 9.0)
    Microsoft.NET.StringTools (17.14.8)
    Microsoft.Win32.Registry (5.0)
      System.Security.AccessControl (>= 5.0)
      System.Security.Principal.Windows (>= 5.0)
    Mono.Cecil (0.11.6)
    Mono.Posix.NETStandard (1.0)
    MSBuild.StructuredLogger (2.3.45)
      Microsoft.Build.Framework (>= 17.5)
      Microsoft.Build.Utilities.Core (>= 17.5)
      System.Collections.Immutable (>= 8.0)
    Newtonsoft.Json (13.0.3)
    NuGet.Common (6.14)
      NuGet.Frameworks (>= 6.14)
      System.Collections.Immutable (>= 8.0)
    NuGet.Configuration (6.14)
      NuGet.Common (>= 6.14)
      System.Security.Cryptography.ProtectedData (>= 4.4)
    NuGet.Frameworks (6.14)
    NuGet.Packaging (6.14)
      Newtonsoft.Json (>= 13.0.3)
      NuGet.Configuration (>= 6.14)
      NuGet.Versioning (>= 6.14)
      System.Security.Cryptography.Pkcs (>= 6.0.4)
    NuGet.Protocol (6.14)
      NuGet.Packaging (>= 6.14)
    NuGet.Versioning (6.14)
    System.Collections.Immutable (9.0.8)
    System.Configuration.ConfigurationManager (9.0.8)
      System.Diagnostics.EventLog (>= 9.0.8)
      System.Security.Cryptography.ProtectedData (>= 9.0.8)
    System.Diagnostics.EventLog (9.0.8)
    System.Reactive (6.0.1)
    System.Security.AccessControl (6.0.1)
    System.Security.Cryptography.Pkcs (9.0.8)
    System.Security.Cryptography.ProtectedData (9.0.8)
    System.Security.Principal.Windows (5.0)
    Zanaptak.TypedCssClasses (1.0)
      FSharp.Core (>= 4.3.4)

GROUP Package
RESTRICTION: == netstandard2.0
NUGET
  remote: https://api.nuget.org/v3/index.json
    Fable.AST (4.6)
    Fable.Browser.Blob (1.4)
      Fable.Core (>= 3.2.8)
      FSharp.Core (>= 4.7.2)
    Fable.Browser.Dom (2.20)
      Fable.Browser.Blob (>= 1.4)
      Fable.Browser.Event (>= 1.7)
      Fable.Browser.WebStorage (>= 1.3)
      Fable.Core (>= 3.2.8)
      FSharp.Core (>= 4.7.2)
    Fable.Browser.Event (1.7)
      Fable.Browser.Gamepad (>= 1.3)
      Fable.Core (>= 3.2.8)
      FSharp.Core (>= 4.7.2)
    Fable.Browser.Gamepad (1.3)
      Fable.Core (>= 3.2.8)
      FSharp.Core (>= 4.7.2)
    Fable.Browser.WebStorage (1.3)
      Fable.Browser.Event (>= 1.6)
      Fable.Core (>= 3.2.8)
      FSharp.Core (>= 4.7.2)
    Fable.Core (4.5)
    Fable.React.Types (18.4)
      Fable.Browser.Dom (>= 2.4.4)
      Fable.Core (>= 3.2.7)
      FSharp.Core (>= 4.7.2)
    Fable.ReactDom.Types (18.2)
      Fable.React.Types (>= 18.3)
      FSharp.Core (>= 4.7.2)
    Feliz (2.9)
      Fable.ReactDom.Types (>= 18.2)
      Feliz.CompilerPlugins (>= 2.2)
      FSharp.Core (>= 4.7.2)
    Feliz.CompilerPlugins (2.2)
      Fable.AST (>= 4.2.1)
      FSharp.Core (>= 4.7.2)
    FSharp.Core (9.0.303)
